PATH
  remote: .
  specs:
    akashi (0.0.1)
      activesupport
      aws-sdk
      hashie

GEM
  remote: https://rubygems.org/
  specs:
    activesupport (4.1.1)
      i18n (~> 0.6, >= 0.6.9)
      json (~> 1.7, >= 1.7.7)
      minitest (~> 5.1)
      thread_safe (~> 0.1)
      tzinfo (~> 1.1)
    aws-sdk (1.43.1)
      json (~> 1.4)
      nokogiri (>= 1.4.4)
    hashie (3.0.0)
    i18n (0.6.9)
    json (1.8.1)
    mini_portile (0.6.0)
    minitest (5.3.4)
    nokogiri (1.6.2.1)
      mini_portile (= 0.6.0)
    rake (10.3.2)
    thread_safe (0.3.4)
    tzinfo (1.2.1)
      thread_safe (~> 0.1)

PLATFORMS
  ruby

DEPENDENCIES
  akashi!
  bundler (~> 1.3)
  rake
